GEM
  remote: https://rubygems.org/
  specs:
    ast (2.4.1)
    faraday (1.1.0)
      multipart-post (>= 1.2, < 3)
      ruby2_keywords
    multipart-post (2.1.1)
    oj (3.10.15)
    parallel (1.19.2)
    parser (2.7.2.0)
      ast (~> 2.4.1)
    rainbow (3.0.0)
    regexp_parser (1.8.2)
    rexml (3.2.4)
    rubocop (0.93.1)
      parallel (~> 1.10)
      parser (>= 2.7.1.5)
      rainbow (>= 2.2.2, < 4.0)
      regexp_parser (>= 1.8)
      rexml
      rubocop-ast (>= 0.6.0)
      ruby-progressbar (~> 1.7)
      unicode-display_width (>= 1.4.0, < 2.0)
    rubocop-ast (0.8.0)
      parser (>= 2.7.1.5)
    ruby-progressbar (1.10.1)
    ruby2_keywords (0.0.2)
    unicode-display_width (1.7.0)

PLATFORMS
  ruby

DEPENDENCIES
  faraday (~> 1.1.0)
  oj (~> 3.10.15)
  rubocop

BUNDLED WITH
   2.1.4
